GEM
  remote: https://rubygems.org/
  specs:
    actioncable (5.1.4)

PLATFORMS
  ruby

DEPENDENCIES
  activejob (= 1.1.0)

RUBY VERSION
   ruby 2.4.2p198

BUNDLED WITH
   1.16.3
